PATH
  remote: .
  specs:
    clouds (0.0.1)
      aws-sdk
      gli (= 2.8.1)
      inifile

GEM
  remote: https://rubygems.org/
  specs:
    aruba (0.5.3)
      childprocess (>= 0.3.6)
      cucumber (>= 1.1.1)
      rspec-expectations (>= 2.7.0)
    aws-sdk (1.31.3)
      json (~> 1.4)
      nokogiri (~> 1.5)
      uuidtools (~> 2.1)
    builder (3.2.2)
    childprocess (0.3.9)
      ffi (~> 1.0, >= 1.0.11)
    cucumber (1.3.10)
      builder (>= 2.1.2)
      diff-lcs (>= 1.1.3)
      gherkin (~> 2.12)
      multi_json (>= 1.7.5, < 2.0)
      multi_test (>= 0.0.2)
    diff-lcs (1.2.5)
    ffi (1.9.3)
    gherkin (2.12.2)
      multi_json (~> 1.3)
    gli (2.8.1)
    inifile (2.0.2)
    json (1.8.1)
    mini_portile (0.5.2)
    multi_json (1.8.2)
    multi_test (0.0.3)
    nokogiri (1.5.10)
      mini_portile (~> 0.5.0)
    rake (10.1.1)
    rdoc (4.1.0)
      json (~> 1.4)
    rspec-expectations (2.14.4)
      diff-lcs (>= 1.1.3, < 2.0)
    uuidtools (2.1.4)

PLATFORMS
  ruby

DEPENDENCIES
  aruba
  aws-sdk
  clouds!
  inifile
  nokogiri (~> 1.5)
  rake
  rdoc
